GEM
  remote: https://rubygems.org/
  specs:
    RubyInline (3.12.4)
      ZenTest (~> 4.3)
    ZenTest (4.11.1)
    addressable (2.4.0)
    diff-lcs (1.2.5)
    exifr (1.2.5)
    fastimage (2.0.0)
      addressable (~> 2)
    image_science (1.3.0)
      RubyInline (~> 3.9)
    mini_magick (4.5.1)
    rspec (3.5.0)
      rspec-core (~> 3.5.0)
      rspec-expectations (~> 3.5.0)
      rspec-mocks (~> 3.5.0)
    rspec-core (3.5.4)
      rspec-support (~> 3.5.0)
    rspec-expectations (3.5.0)
      diff-lcs (>= 1.2.0, < 2.0)
      rspec-support (~> 3.5.0)
    rspec-mocks (3.5.0)
      diff-lcs (>= 1.2.0, < 2.0)
      rspec-support (~> 3.5.0)
    rspec-support (3.5.0)

PLATFORMS
  ruby

DEPENDENCIES
  exifr
  fastimage
  image_science
  mini_magick
  rspec

BUNDLED WITH
   1.12.0.pre.2
