GEM
  remote: https://rubygems.org/
  specs:
    diff-lcs (1.2.5)
    exifr (1.2.5)
    local-fastimage (3.0.1)
    local-fastimage_resize (3.1.1)
      local-fastimage (~> 3.0)
    rspec (3.5.0)
      rspec-core (~> 3.5.0)
      rspec-expectations (~> 3.5.0)
      rspec-mocks (~> 3.5.0)
    rspec-core (3.5.3)
      rspec-support (~> 3.5.0)
    rspec-expectations (3.5.0)
      diff-lcs (>= 1.2.0, < 2.0)
      rspec-support (~> 3.5.0)
    rspec-mocks (3.5.0)
      diff-lcs (>= 1.2.0, < 2.0)
      rspec-support (~> 3.5.0)
    rspec-support (3.5.0)

PLATFORMS
  ruby

DEPENDENCIES
  exifr
  local-fastimage_resize
  rspec

BUNDLED WITH
   1.13.1
